PATH
  remote: .
  specs:
    recaptcha (4.6.6.ruby187)
      json (~> 1.8)
      rack (~> 1.4)

GEM
  remote: https://rubygems.org/
  specs:
    activesupport (2.3.18)
    addressable (2.3.8)
    crack (0.4.3)
      safe_yaml (~> 1.0.0)
    hashdiff (0.3.5)
    i18n (0.6.11)
    json (1.8.6)
    metaclass (0.0.4)
    minitest (5.11.3)
    minitest-hooks (1.4.2)
    mocha (1.4.0)
      metaclass (~> 0.0.1)
    rack (1.6.9)
    rake (0.8.7)
    safe_yaml (1.0.4)
    webmock (1.24.6)
      addressable (>= 2.3.6)
      crack (>= 0.3.2)
      hashdiff

PLATFORMS
  ruby

DEPENDENCIES
  activesupport (~> 2.3)
  addressable (< 2.4.0)
  hashdiff (< 0.3.6)
  i18n (~> 0.6)
  minitest (~> 5.11)
  minitest-hooks (~> 1.4)
  mocha (~> 1.4)
  rake (~> 0.8)
  recaptcha!
  webmock (~> 1.24)

BUNDLED WITH
   1.16.1
